PATH
  remote: .
  specs:
    aytests (0.0.1)
      cheetah (~> 0.4, >= 0.4.0)
      mini_magick (~> 4.0)
      net-ssh-simple (~> 1.6, >= 1.6.11)
      rspec (~> 3.1, >= 3.1.0)
      ruby-libvirt (~> 0.5, >= 0.5.2)
      thor (~> 0.19, >= 0.19.1)

GEM
  remote: https://rubygems.org/
  specs:
    CFPropertyList (2.3.2)
    Platform (0.4.0)
    abstract_method (1.2.1)
    ansi (1.3.0)
    blockenspiel (0.4.5)
    builder (3.2.2)
    cheetah (0.5.1)
      abstract_method (~> 1.2)
    childprocess (0.5.7)
      ffi (~> 1.0, >= 1.0.11)
    diff-lcs (1.2.5)
    excon (0.45.4)
    ffi (1.9.10)
    fission (0.5.0)
      CFPropertyList (~> 2.2)
    fog (1.29.0)
      fog-atmos
      fog-aws (~> 0.0)
      fog-brightbox (~> 0.4)
      fog-core (~> 1.27, >= 1.27.4)
      fog-ecloud
      fog-json
      fog-local
      fog-powerdns (>= 0.1.1)
      fog-profitbricks
      fog-radosgw (>= 0.0.2)
      fog-riakcs
      fog-sakuracloud (>= 0.0.4)
      fog-serverlove
      fog-softlayer
      fog-storm_on_demand
      fog-terremark
      fog-vmfusion
      fog-voxel
      fog-xml (~> 0.1.1)
      ipaddress (~> 0.5)
      nokogiri (~> 1.5, >= 1.5.11)
    fog-atmos (0.1.0)
      fog-core
      fog-xml
    fog-aws (0.7.6)
      fog-core (~> 1.27)
      fog-json (~> 1.0)
      fog-xml (~> 0.1)
      ipaddress (~> 0.8)
    fog-brightbox (0.9.0)
      fog-core (~> 1.22)
      fog-json
      inflecto (~> 0.0.2)
    fog-core (1.29.0)
      builder
      excon (~> 0.38)
      formatador (~> 0.2)
      mime-types
      net-scp (~> 1.1)
      net-ssh (>= 2.1.3)
    fog-ecloud (0.3.0)
      fog-core
      fog-xml
    fog-json (1.0.2)
      fog-core (~> 1.0)
      multi_json (~> 1.10)
    fog-local (0.2.1)
      fog-core (~> 1.27)
    fog-powerdns (0.1.1)
      fog-core (~> 1.27)
      fog-json (~> 1.0)
      fog-xml (~> 0.1)
    fog-profitbricks (0.0.5)
      fog-core
      fog-xml
      nokogiri
    fog-radosgw (0.0.4)
      fog-core (>= 1.21.0)
      fog-json
      fog-xml (>= 0.0.1)
    fog-riakcs (0.1.0)
      fog-core
      fog-json
      fog-xml
    fog-sakuracloud (1.3.3)
      fog-core
      fog-json
    fog-serverlove (0.1.2)
      fog-core
      fog-json
    fog-softlayer (1.0.0)
      fog-core
      fog-json
    fog-storm_on_demand (0.1.1)
      fog-core
      fog-json
    fog-terremark (0.1.0)
      fog-core
      fog-xml
    fog-vmfusion (0.1.0)
      fission
      fog-core
    fog-voxel (0.1.0)
      fog-core
      fog-xml
    fog-xml (0.1.2)
      fog-core
      nokogiri (~> 1.5, >= 1.5.11)
    formatador (0.2.5)
    grit (2.5.0)
      diff-lcs (~> 1.1)
      mime-types (~> 1.15)
      posix-spawn (~> 0.3.6)
    hashie (3.4.3)
    highline (1.7.8)
    i18n (0.7.0)
    inflecto (0.0.2)
    ipaddress (0.8.0)
    json (1.8.3)
    mime-types (1.25.1)
    mini_magick (4.9.5)
    mini_portile2 (2.4.0)
    multi_json (1.11.2)
    net-scp (1.2.1)
      net-ssh (>= 2.6.5)
    net-ssh (3.0.1)
    net-ssh-simple (1.6.12)
      blockenspiel (= 0.4.5)
      hashie (= 3.4.3)
      net-scp (= 1.2.1)
      net-ssh (= 3.0.1)
    nokogiri (1.10.5)
      mini_portile2 (~> 2.4.0)
    open4 (1.3.4)
    os (0.9.6)
    packaging_rake_tasks (1.4.10)
      rake
    popen4 (0.1.2)
      Platform (>= 0.4.0)
      open4 (>= 0.4.0)
    posix-spawn (0.3.11)
    progressbar (0.21.0)
    rake (13.0.0)
    rspec (3.9.0)
      rspec-core (~> 3.9.0)
      rspec-expectations (~> 3.9.0)
      rspec-mocks (~> 3.9.0)
    rspec-core (3.9.0)
      rspec-support (~> 3.9.0)
    rspec-expectations (3.9.0)
      diff-lcs (>= 1.2.0, < 2.0)
      rspec-support (~> 3.9.0)
    rspec-mocks (3.9.0)
      diff-lcs (>= 1.2.0, < 2.0)
      rspec-support (~> 3.9.0)
    rspec-support (3.9.0)
    ruby-libvirt (0.7.1)
    ruby-vnc (1.0.1)
    thor (0.19.1)
    to_slug (1.0.8)
    veewee (0.4.5.1)
      ansi (~> 1.3.0)
      childprocess
      fission (= 0.5.0)
      fog (~> 1.8)
      grit
      highline
      i18n
      json
      mime-types (~> 1.16)
      net-ssh (>= 2.2.0)
      os (~> 0.9.6)
      popen4 (~> 0.1.2)
      progressbar
      ruby-vnc (~> 1.0.0)
      thor (~> 0.15)
      to_slug

PLATFORMS
  ruby

DEPENDENCIES
  aytests!
  packaging_rake_tasks (~> 1.0)
  veewee
